GIT
  remote: https://github.com/pulibrary/stringex.git
  revision: 357f70511532a35b11a240e5ae06d02725cb8d0a
  tag: vpton.2.5.2.2
  specs:
    stringex (2.5.2)

GEM
  remote: https://rubygems.org/
  specs:
    addressable (2.7.0)
      public_suffix (>= 2.0.2, < 5.0)
    airbrussh (1.3.0)
      sshkit (>= 1.6.1, != 1.7.0)
    builder (3.2.3)
    byebug (9.1.0)
    capistrano (3.10.1)
      airbrussh (>= 1.0.0)
      i18n
      rake (>= 10.0.0)
      sshkit (>= 1.9.0)
    capistrano-bundler (1.6.0)
      capistrano (~> 3.1)
    chronic (0.10.2)
    coderay (1.1.2)
    concurrent-ruby (1.0.5)
    crack (0.4.4)
    diff-lcs (1.3)
    faraday (0.13.1)
      multipart-post (>= 1.2, < 3)
    hashdiff (1.0.1)
    i18n (0.9.1)
      concurrent-ruby (~> 1.0)
    method_source (0.9.0)
    multipart-post (2.0.0)
    net-scp (1.2.1)
      net-ssh (>= 2.6.5)
    net-ssh (4.2.0)
    pry (0.11.3)
      coderay (~> 1.1.0)
      method_source (~> 0.9.0)
    pry-byebug (3.5.1)
      byebug (~> 9.1)
      pry (~> 0.10)
    public_suffix (4.0.6)
    rake (12.3.3)
    retriable (3.1.2)
    rsolr (2.1.0)
      builder (>= 2.1.2)
      faraday (>= 0.9.0)
    rspec (3.9.0)
      rspec-core (~> 3.9.0)
      rspec-expectations (~> 3.9.0)
      rspec-mocks (~> 3.9.0)
    rspec-collection_matchers (1.2.0)
      rspec-expectations (>= 2.99.0.beta1)
    rspec-core (3.9.0)
      rspec-support (~> 3.9.0)
    rspec-expectations (3.9.0)
      diff-lcs (>= 1.2.0, < 2.0)
      rspec-support (~> 3.9.0)
    rspec-mocks (3.9.0)
      diff-lcs (>= 1.2.0, < 2.0)
      rspec-support (~> 3.9.0)
    rspec-solr (3.0.0)
      rspec (~> 3.5)
      rspec-collection_matchers
    rspec-support (3.9.0)
    ruby-progressbar (1.10.1)
    rubyzip (2.1.0)
    solr_wrapper (2.1.0)
      faraday
      retriable
      ruby-progressbar
      rubyzip
    sshkit (1.15.1)
      net-scp (>= 1.1.2)
      net-ssh (>= 2.8.0)
    webmock (3.10.0)
      addressable (>= 2.3.6)
      crack (>= 0.3.2)
      hashdiff (>= 0.4.0, < 2.0.0)
    whenever (0.11.0)
      chronic (>= 0.6.3)

PLATFORMS
  ruby

DEPENDENCIES
  capistrano (~> 3.9)
  capistrano-bundler
  faraday
  pry-byebug
  rake
  rsolr
  rspec (~> 3.8)
  rspec-solr (~> 3.0)
  solr_wrapper
  stringex!
  webmock
  whenever

BUNDLED WITH
   2.1.4
